GEM
  remote: http://rubygems.org/
  specs:
    builder (3.0.0)
    daemons (1.1.5)
    eventmachine (0.12.10)
    json (1.6.4)
    jwt (0.1.4)
      json (>= 1.2.4)
    mime-types (1.17.2)
    multi_json (1.0.4)
    rack (1.4.0)
    rack-protection (1.2.0)
      rack
    redis (2.2.2)
    rest-client (1.6.7)
      mime-types (>= 1.16)
    sinatra (1.3.2)
      rack (~> 1.3, >= 1.3.6)
      rack-protection (~> 1.2)
      tilt (~> 1.3, >= 1.3.3)
    thin (1.3.1)
      daemons (>= 1.0.9)
      eventmachine (>= 0.12.6)
      rack (>= 1.0.0)
    tilt (1.3.3)
    twilio-ruby (3.4.2)
      builder (>= 2.1.2)
      jwt (>= 0.1.2)
      multi_json (>= 1.0.3)

PLATFORMS
  ruby

DEPENDENCIES
  builder
  redis
  rest-client
  sinatra
  thin
  twilio-ruby
